PATH
  remote: .
  specs:
    solides_data_syncer (0.1.0)
      dotenv (~> 2.8)
      mongo (~> 2.20)

GEM
  remote: https://rubygems.org/
  specs:
    bson (5.0.2)
    diff-lcs (1.6.1)
    dotenv (2.8.1)
    mongo (2.21.0)
      bson (>= 4.14.1, < 6.0.0)
    rake (13.2.1)
    rspec (3.13.0)
      rspec-core (~> 3.13.0)
      rspec-expectations (~> 3.13.0)
      rspec-mocks (~> 3.13.0)
    rspec-core (3.13.3)
      rspec-support (~> 3.13.0)
    rspec-expectations (3.13.3)
      diff-lcs (>= 1.2.0, < 2.0)
      rspec-support (~> 3.13.0)
    rspec-mocks (3.13.2)
      diff-lcs (>= 1.2.0, < 2.0)
      rspec-support (~> 3.13.0)
    rspec-support (3.13.2)

PLATFORMS
  x86_64-linux

DEPENDENCIES
  dotenv (~> 2.8)
  mongo (~> 2.20)
  rake (~> 13.0)
  rspec (~> 3.0)
  solides_data_syncer!

BUNDLED WITH
   2.4.12
